RESTRICTION: == net462
NUGET
  remote: https://www.nuget.org/api/v2
    FSharp.Compiler.Tools (4.1.23)
    FSharp.Core (4.2.1)
